GEM
  remote: http://rubygems.org/
  specs:
    activemodel (5.0.0.1)
      activesupport (= 5.0.0.1)
    activerecord (5.0.0.1)
      activemodel (= 5.0.0.1)
      activesupport (= 5.0.0.1)
      arel (~> 7.0)
    activesupport (5.0.0.1)
      concurrent-ruby (~> 1.0, >= 1.0.2)
      i18n (~> 0.7)
      minitest (~> 5.1)
      tzinfo (~> 1.1)
    ansi (1.5.0)
    arel (7.1.4)
    ast (2.3.0)
    bcrypt (3.1.11)
    concurrent-ruby (1.0.2)
    faraday (0.10.0)
      multipart-post (>= 1.2, < 3)
    i18n (0.7.0)
    minitest (5.9.1)
    multipart-post (2.0.0)
    mysql2 (0.4.5)
    oga (2.7)
      ast
      ruby-ll (~> 2.1)
    pg (0.19.0)
    ruby-ll (2.1.2)
      ansi
      ast
    sqlite3 (1.3.12)
    thread_safe (0.3.5)
    tzinfo (1.2.2)
      thread_safe (~> 0.1)

PLATFORMS
  ruby

DEPENDENCIES
  activerecord
  bcrypt
  faraday
  mysql2
  oga
  pg
  sqlite3

BUNDLED WITH
   1.11.2
